GEM
  remote: https://rubygems.org/
  specs:
    erubis (2.7.0)
    ffi (1.9.3-x86-mingw32)
    foodcritic (3.0.3)
      erubis
      gherkin (~> 2.11.7)
      nokogiri (~> 1.5.4)
      rake
      treetop (~> 1.4.10)
      yajl-ruby (~> 1.1.0)
    gherkin (2.11.8-x86-mingw32)
      multi_json (~> 1.3)
    kitchen-vagrant (0.14.0)
      test-kitchen (~> 1.0)
    mixlib-shellout (1.3.0-x86-mingw32)
      win32-process (~> 0.7.1)
      windows-pr (~> 1.2.2)
    multi_json (1.8.2)
    net-scp (1.1.2)
      net-ssh (>= 2.6.5)
    net-ssh (2.7.0)
    nokogiri (1.5.11-x86-mingw32)
    polyglot (0.3.3)
    rake (10.1.1)
    safe_yaml (0.9.7)
    test-kitchen (1.1.1)
      mixlib-shellout (~> 1.2)
      net-scp (~> 1.1)
      net-ssh (~> 2.7)
      safe_yaml (~> 0.9)
      thor (~> 0.18)
    thor (0.18.1)
    treetop (1.4.15)
      polyglot
      polyglot (>= 0.3.1)
    win32-api (1.5.0-x86-mingw32)
    win32-process (0.7.4)
      ffi (>= 1.0.0)
    windows-api (0.4.2)
      win32-api (>= 1.4.5)
    windows-pr (1.2.2)
      win32-api (>= 1.4.5)
      windows-api (>= 0.3.0)
    yajl-ruby (1.1.0-x86-mingw32)

PLATFORMS
  x86-mingw32

DEPENDENCIES
  foodcritic
  kitchen-vagrant
  test-kitchen
